PATH
  remote: .
  specs:
    beans (0.1a)
      daemons

GEM
  remote: http://rubygems.org/
  specs:
    daemons (1.0.10)

PLATFORMS
  ruby

DEPENDENCIES
  beans!
